GIT
  remote: git://github.com/mshick/paginate
  revision: eddea53248a94adf33ca560d0879549c10aca46c
  branch: jekyll3
  specs:
    octopress-paginate (1.1.2)
      jekyll

GEM
  remote: https://rubygems.org/
  specs:
    addressable (2.4.0)
    colorator (0.1)
    fastimage (1.6.8)
      addressable (~> 2.3, >= 2.3.5)
    ffi (1.9.10)
    jekyll (3.0.3)
      colorator (~> 0.1)
      jekyll-sass-converter (~> 1.0)
      jekyll-watch (~> 1.1)
      kramdown (~> 1.3)
      liquid (~> 3.0)
      mercenary (~> 0.3.3)
      rouge (~> 1.7)
      safe_yaml (~> 1.0)
    jekyll-picture-tag (0.3.0)
      fastimage (~> 1.6.4)
      jekyll (< 4)
      mini_magick (~> 3.8.0)
    jekyll-sass-converter (1.4.0)
      sass (~> 3.4)
    jekyll-watch (1.3.1)
      listen (~> 3.0)
    kramdown (1.10.0)
    liquid (3.0.6)
    listen (3.0.6)
      rb-fsevent (>= 0.9.3)
      rb-inotify (>= 0.9.7)
    mercenary (0.3.5)
    mini_magick (3.8.1)
      subexec (~> 0.2.1)
    puma (3.4.0)
    rack (1.6.4)
    rack-jekyll (0.4.5)
      jekyll (>= 1.3)
      listen (>= 1.3)
      rack (~> 1.5)
    rake (11.1.2)
    rb-fsevent (0.9.7)
    rb-inotify (0.9.7)
      ffi (>= 0.5.0)
    redcarpet (3.3.4)
    rouge (1.10.1)
    safe_yaml (1.0.4)
    sass (3.4.21)
    subexec (0.2.3)

PLATFORMS
  ruby

DEPENDENCIES
  fastimage
  jekyll
  jekyll-picture-tag
  mini_magick
  octopress-paginate!
  puma
  rack-jekyll
  rake
  redcarpet

BUNDLED WITH
   1.12.2
